GIT
  remote: https://github.com/tomasc/has_dom_attrs.git
  revision: 69e6b5625ff0487fd07814091fb91af72c022c22
  specs:
    has_dom_attrs (0.1.0)
      activesupport

GIT
  remote: https://github.com/tomasc/stimulus_helpers.git
  revision: 6c94a425bf813729e38bdcc33db0c92143d5e3c2
  specs:
    stimulus_helpers (0.1.0)
      activesupport

PATH
  remote: .
  specs:
    has_stimulus_attrs (0.1.0)
      has_dom_attrs
      stimulus_helpers

GEM
  remote: https://rubygems.org/
  specs:
    activesupport (7.0.4.2)
      concurrent-ruby (~> 1.0, >= 1.0.2)
      i18n (>= 1.6, < 2)
      minitest (>= 5.1)
      tzinfo (~> 2.0)
    concurrent-ruby (1.2.2)
    i18n (1.12.0)
      concurrent-ruby (~> 1.0)
    minitest (5.18.0)
    rake (13.0.6)
    tzinfo (2.0.6)
      concurrent-ruby (~> 1.0)

PLATFORMS
  arm64-darwin-21

DEPENDENCIES
  bundler
  has_dom_attrs!
  has_stimulus_attrs!
  minitest (~> 5.0)
  rake
  stimulus_helpers!

BUNDLED WITH
   2.3.14
